PATH
  remote: .
  specs:
    book_ui_renderer (0.1.0)

GEM
  remote: https://rubygems.org/
  specs:
    rake (13.2.1)

PLATFORMS
  arm64-darwin-22
  ruby

DEPENDENCIES
  book_ui_renderer!
  rake (~> 13.0)

BUNDLED WITH
   2.5.14
